PATH
  remote: .
  specs:
    finrb (0.0.1)
      activesupport (>= 3.2.0)
      business_time (>= 0.9.2)
      flt (>= 1.3.0)
      rake

GEM
  remote: http://rubygems.org/
  specs:
    activesupport (7.0.3.1)
      concurrent-ruby (~> 1.0, >= 1.0.2)
      i18n (>= 1.6, < 2)
      minitest (>= 5.1)
      tzinfo (~> 2.0)
    business_time (0.13.0)
      activesupport (>= 3.2.0)
      tzinfo
    coderay (1.1.3)
    concurrent-ruby (1.1.10)
    flt (1.5.4)
    i18n (1.12.0)
      concurrent-ruby (~> 1.0)
    method_source (1.0.0)
    minitest (5.16.2)
    pry (0.14.1)
      coderay (~> 1.1)
      method_source (~> 1.0)
    rake (13.0.6)
    tzinfo (2.0.5)
      concurrent-ruby (~> 1.0)

PLATFORMS
  ruby

DEPENDENCIES
  finrb!
  minitest (>= 4.7.5)
  pry

BUNDLED WITH
   1.17.2
